GEM
  remote: http://rubygems.org/
  specs:
    addressable (2.3.2)
    courtier (0.2.0)
      finder
      loaded
    diff-lcs (1.1.3)
    faraday (0.8.4)
      multipart-post (~> 1.1)
    faraday_middleware (0.8.8)
      faraday (>= 0.7.4, < 0.9)
    finder (0.3.0)
    foreman (0.60.0)
      thor (>= 0.13.6)
    grit (2.5.0)
      diff-lcs (~> 1.1)
      mime-types (~> 1.15)
      posix-spawn (~> 0.3.6)
    hashie (1.2.0)
    json (1.7.5)
    loaded (0.0.1)
    mime-types (1.19)
    minitest (3.5.0)
    multi_json (1.3.6)
    multipart-post (1.1.5)
    oauth2 (0.5.2)
      faraday (~> 0.7)
      multi_json (~> 1.0)
    octokit (1.11.0)
      addressable (~> 2.2)
      faraday (~> 0.8)
      faraday_middleware (~> 0.8)
      hashie (~> 1.2)
      multi_json (~> 1.3)
    posix-spawn (0.3.6)
    rack (1.4.1)
    rack-protection (1.2.0)
      rack
    rake (0.9.2.2)
    rc (0.2.0)
      courtier (= 0.2.0)
    redcarpet (2.1.1)
    rest-client (1.6.7)
      mime-types (>= 1.16)
    sinatra (1.3.3)
      rack (~> 1.3, >= 1.3.6)
      rack-protection (~> 1.2)
      tilt (~> 1.3, >= 1.3.3)
    sinatra_auth_github (0.10.0)
      sinatra (~> 1.0)
      warden-github (~> 0.10.0)
    thor (0.16.0)
    tilt (1.3.3)
    tomparse (0.2.1)
    warden (1.2.1)
      rack (>= 1.0)
    warden-github (0.10.0)
      json (~> 1.5)
      oauth2 (~> 0.5.2)
      octokit (~> 1.11.0)
      rest-client (~> 1.6.1)
      warden (~> 1.0)
      yajl-ruby (~> 1.1)
    yajl-ruby (1.1.0)
    yard (0.8.2.1)
    yard-tomdoc (0.5.0)
      rc
      tomparse
      yard

PLATFORMS
  ruby

DEPENDENCIES
  foreman
  grit
  minitest
  rake
  redcarpet
  sinatra
  sinatra_auth_github
  yard
  yard-tomdoc
