GEM
  remote: http://rubygems.org/
  specs:
    courtier (0.2.0)
      finder
      loaded
    diff-lcs (1.1.3)
    finder (0.3.0)
    grit (2.5.0)
      diff-lcs (~> 1.1)
      mime-types (~> 1.15)
      posix-spawn (~> 0.3.6)
    loaded (0.0.1)
    mime-types (1.19)
    minitest (3.5.0)
    posix-spawn (0.3.6)
    rack (1.4.1)
    rack-protection (1.2.0)
      rack
    rake (0.9.2.2)
    rc (0.2.0)
      courtier (= 0.2.0)
    redcarpet (2.1.1)
    sinatra (1.3.3)
      rack (~> 1.3, >= 1.3.6)
      rack-protection (~> 1.2)
      tilt (~> 1.3, >= 1.3.3)
    tilt (1.3.3)
    tomparse (0.2.1)
    yard (0.8.2.1)
    yard-tomdoc (0.5.0)
      rc
      tomparse
      yard

PLATFORMS
  ruby

DEPENDENCIES
  grit
  minitest
  rake
  redcarpet
  sinatra
  yard
  yard-tomdoc
